GEM
  remote: https://rubygems.org/
  specs:
    mini_magick (4.10.1)

PLATFORMS
  ruby

DEPENDENCIES
  mini_magick (~> 4.10.0)

BUNDLED WITH
   2.1.4
